GEM
  remote: http://rubygems.org/
  specs:
    activesupport (3.2.8)
      i18n (~> 0.6)
      multi_json (~> 1.0)
    coderay (1.0.8)
    git (1.2.5)
    growl (1.0.3)
    guard (1.5.3)
      listen (>= 0.4.2)
      lumberjack (>= 1.0.2)
      pry (>= 0.9.10)
      thor (>= 0.14.6)
    guard-minitest (0.5.0)
      guard (>= 0.4)
    httpclient (2.3.0.1)
    i18n (0.6.1)
    jeweler (1.8.4)
      bundler (~> 1.0)
      git (>= 1.2.5)
      rake
      rdoc
    json (1.7.5)
    listen (0.5.3)
    lumberjack (1.0.2)
    marc (0.5.0)
    metaclass (0.0.1)
    method_source (0.8.1)
    minitest (4.1.0)
    mocha (0.12.7)
      metaclass (~> 0.0.1)
    multi_json (1.3.6)
    nokogiri (1.5.5)
    pry (0.9.10)
      coderay (~> 1.0.5)
      method_source (~> 0.8)
      slop (~> 3.3.1)
    rake (0.9.2.2)
    rb-fsevent (0.9.2)
    rdoc (3.12)
      json (~> 1.4)
    ruby-oci8 (2.1.2)
    simplecov (0.7.1)
      multi_json (~> 1.0)
      simplecov-html (~> 0.7.1)
    simplecov-html (0.7.1)
    slop (3.3.3)
    thor (0.16.0)
    voyager_oracle_api (1.1.0)
      activesupport
      activesupport
      i18n
      json
      marc
      ruby-oci8

PLATFORMS
  ruby

DEPENDENCIES
  activesupport
  bundler (~> 1.2.1)
  growl
  guard-minitest
  httpclient
  i18n
  jeweler (~> 1.8.4)
  json
  minitest
  mocha
  nokogiri
  rb-fsevent
  rdoc (~> 3.12)
  ruby-oci8
  simplecov
  voyager_oracle_api (>= 1.1.0)
